GEM
  remote: https://rubygems.org/
  specs:
    base64 (0.1.0)

PLATFORMS
  ruby

DEPENDENCIES
  base64 (= 0.1.0)
  bundler (= 2.5.10)

RUBY VERSION
   ruby 3.2.2p53

BUNDLED WITH
   2.5.10
