GEM
  remote: https://rubygems.org/
  specs:
    awesome_print (1.0.0)

PLATFORMS
  ruby

DEPENDENCIES
  awesome_print (= 1.0.0)
  bundler (= 2.5.9)

RUBY VERSION
   ruby 3.2.2p53

BUNDLED WITH
   2.5.9
